GEM
  remote: https://rubygems.org/
  specs:
    activesupport (5.0.0.1)
      concurrent-ruby (~> 1.0, >= 1.0.2)
      i18n (~> 0.7)
      minitest (~> 5.1)
      tzinfo (~> 1.1)
    backports (3.6.8)
    coffee-script (2.2.0)
      coffee-script-source
      execjs
    coffee-script-source (1.11.1)
    concurrent-ruby (1.0.3)
    daemons (1.2.4)
    descriptive_statistics (2.4.0)
    docile (1.1.5)
    eventmachine (1.2.1)
    execjs (2.0.2)
    hike (1.2.3)
    i18n (0.7.0)
    jira-ruby (1.2.0)
      activesupport
      oauth (~> 0.5, >= 0.5.0)
    json (2.0.3)
    minitest (5.10.1)
    multi_json (1.12.1)
    oauth (0.5.1)
    rack (1.5.5)
    rack-protection (1.5.3)
      rack
    rack-test (0.6.3)
      rack (>= 1.0)
    rufus-scheduler (2.0.24)
      tzinfo (>= 0.3.22)
    sass (3.2.19)
    shoulda-context (1.2.2)
    shoulda-matchers (3.1.1)
      activesupport (>= 4.0.0)
    simple-random (1.0.3)
    simplecov (0.13.0)
      docile (~> 1.1.0)
      json (>= 1.8, < 3)
      simplecov-html (~> 0.10.0)
    simplecov-html (0.10.0)
    sinatra (1.4.7)
      rack (~> 1.5)
      rack-protection (~> 1.4)
      tilt (>= 1.3, < 3)
    sinatra-contrib (1.4.7)
      backports (>= 2.0)
      multi_json
      rack-protection
      rack-test
      sinatra (~> 1.4.0)
      tilt (>= 1.3, < 3)
    smashing (1.0.0)
      coffee-script (~> 2.2.0)
      execjs (~> 2.0.2)
      rack (~> 1.5.4)
      rufus-scheduler (~> 2.0.24)
      sass (~> 3.2.12)
      sinatra (~> 1.4.4)
      sinatra-contrib (~> 1.4.2)
      sprockets (~> 2.10.1)
      thin (~> 1.6.1)
      thor (~> 0.19)
    sprockets (2.10.2)
      hike (~> 1.2)
      multi_json (~> 1.0)
      rack (~> 1.0)
      tilt (~> 1.1, != 1.3.0)
    thin (1.6.4)
      daemons (~> 1.0, >= 1.0.9)
      eventmachine (~> 1.0, >= 1.0.4)
      rack (~> 1.0)
    thor (0.19.4)
    thread_safe (0.3.5)
    tilt (1.4.1)
    tzinfo (1.2.2)
      thread_safe (~> 0.1)

PLATFORMS
  ruby

DEPENDENCIES
  descriptive_statistics (~> 2.4.0)
  jira-ruby
  shoulda-context
  shoulda-matchers (~> 3.1)
  simple-random
  simplecov
  smashing

RUBY VERSION
   ruby 2.3.0p0

BUNDLED WITH
   1.13.6
